GEM
  remote: https://rubygems.org/
  specs:
    CFPropertyList (2.3.6)
    concurrent-ruby (1.1.7)
    deep_merge (1.2.1)
    diff-lcs (1.4.4)
    facter (4.0.47)
      hocon (~> 1.3)
      thor (>= 1.0.1, < 2.0)
    facterdb (1.6.0)
      facter (< 5.0.0)
      jgrep
    fast_gettext (1.8.0)
    hiera (3.6.0)
    hocon (1.3.1)
    jgrep (1.5.4)
    locale (2.1.3)
    mocha (1.11.2)
    multi_json (1.15.0)
    pathspec (0.2.1)
    puppet (7.1.0)
      concurrent-ruby (~> 1.0)
      deep_merge (~> 1.0)
      facter (> 2.0.1, < 5)
      fast_gettext (~> 1.1)
      hiera (>= 3.2.1, < 4)
      locale (~> 2.1)
      multi_json (~> 1.10)
      puppet-resource_api (~> 1.5)
      scanf (~> 1.0)
      semantic_puppet (~> 1.0)
    puppet (7.1.0-universal-darwin)
      CFPropertyList (~> 2.2)
      concurrent-ruby (~> 1.0)
      deep_merge (~> 1.0)
      facter (> 2.0.1, < 5)
      fast_gettext (~> 1.1)
      hiera (>= 3.2.1, < 4)
      locale (~> 2.1)
      multi_json (~> 1.10)
      puppet-resource_api (~> 1.5)
      scanf (~> 1.0)
      semantic_puppet (~> 1.0)
    puppet-lint (2.4.2)
    puppet-resource_api (1.8.13)
      hocon (>= 1.0)
    puppet-syntax (3.1.0)
      puppet (>= 5)
      rake
    puppetlabs_spec_helper (2.15.0)
      mocha (~> 1.0)
      pathspec (~> 0.2.1)
      puppet-lint (~> 2.0)
      puppet-syntax (>= 2.0, < 4)
      rspec-puppet (~> 2.0)
    rake (13.0.3)
    rspec (3.10.0)
      rspec-core (~> 3.10.0)
      rspec-expectations (~> 3.10.0)
      rspec-mocks (~> 3.10.0)
    rspec-core (3.10.0)
      rspec-support (~> 3.10.0)
    rspec-expectations (3.10.0)
      diff-lcs (>= 1.2.0, < 2.0)
      rspec-support (~> 3.10.0)
    rspec-mocks (3.10.0)
      diff-lcs (>= 1.2.0, < 2.0)
      rspec-support (~> 3.10.0)
    rspec-puppet (2.8.0)
      rspec
    rspec-puppet-facts (2.0.0)
      facter
      facterdb (>= 0.5.0)
      puppet
    rspec-support (3.10.0)
    scanf (1.0.0)
    semantic_puppet (1.0.2)
    thor (1.0.1)

PLATFORMS
  ruby
  universal-darwin-17
  x86_64-linux

DEPENDENCIES
  puppet
  puppetlabs_spec_helper
  rspec-puppet-facts

BUNDLED WITH
   2.2.2
